PATH
  remote: .
  specs:
    net-ping (1.7.8)

GEM
  remote: http://rubygems.org/
  specs:
    fakeweb (1.3.0)
    power_assert (0.2.4)
    rake (10.4.2)
    test-unit (3.1.3)
      power_assert

PLATFORMS
  ruby

DEPENDENCIES
  fakeweb
  net-ping!
  rake
  test-unit

BUNDLED WITH
   1.10.6
