PATH
  remote: .
  specs:
    macaddr (1.7.0)
      systemu (~> 2.6.2)

GEM
  remote: http://rubygems.org/
  specs:
    systemu (2.6.5)

PLATFORMS
  ruby

DEPENDENCIES
  macaddr!

BUNDLED WITH
   1.17.2
